PATH
  remote: .
  specs:
    fluent-plugin-deis-kafka (0.1.0)
      fluent-mixin-config-placeholders
      fluent-mixin-plaintextformatter
      fluent-mixin-rewrite-tag-name
      fluentd
      influxdb (~> 0.4)
      ruby-kafka (~> 0.4.2)

GEM
  remote: https://rubygems.org/
  specs:
    ast (2.3.0)
    coderay (1.1.2)
    cool.io (1.5.1)
    docile (1.1.5)
    fluent-mixin-config-placeholders (0.4.0)
      fluentd
      uuidtools (>= 2.1.5)
    fluent-mixin-plaintextformatter (0.2.6)
      fluentd
      ltsv
    fluent-mixin-rewrite-tag-name (0.1.0)
      fluentd
    fluentd (0.14.21)
      cool.io (>= 1.4.5, < 2.0.0)
      http_parser.rb (>= 0.5.1, < 0.7.0)
      msgpack (>= 0.7.0, < 2.0.0)
      ruby_dig (~> 0.0.2)
      serverengine (>= 2.0.4, < 3.0.0)
      sigdump (~> 0.2.2)
      strptime (~> 0.1.7)
      tzinfo (~> 1.0)
      tzinfo-data (~> 1.0)
      yajl-ruby (~> 1.0)
    http_parser.rb (0.6.0)
    influxdb (0.4.1)
    json (2.1.0)
    ltsv (0.1.0)
    method_source (0.8.2)
    msgpack (1.1.0)
    parallel (1.12.0)
    parser (2.4.0.0)
      ast (~> 2.2)
    power_assert (1.1.0)
    powerpack (0.1.1)
    pry (0.10.4)
      coderay (~> 1.1.0)
      method_source (~> 0.8.1)
      slop (~> 3.4)
    rainbow (2.2.2)
      rake
    rake (10.5.0)
    rubocop (0.50.0)
      parallel (~> 1.10)
      parser (>= 2.3.3.1, < 3.0)
      powerpack (~> 0.1)
      rainbow (>= 2.2.2, < 3.0)
      ruby-progressbar (~> 1.7)
      unicode-display_width (~> 1.0, >= 1.0.1)
    ruby-kafka (0.4.2)
    ruby-progressbar (1.8.3)
    ruby_dig (0.0.2)
    serverengine (2.0.5)
      sigdump (~> 0.2.2)
    sigdump (0.2.4)
    simplecov (0.15.1)
      docile (~> 1.1.0)
      json (>= 1.8, < 3)
      simplecov-html (~> 0.10.0)
    simplecov-html (0.10.2)
    slop (3.6.0)
    strptime (0.1.9)
    test-unit (3.1.9)
      power_assert
    thread_safe (0.3.6)
    tzinfo (1.2.3)
      thread_safe (~> 0.1)
    tzinfo-data (1.2017.2)
      tzinfo (>= 1.0.0)
    unicode-display_width (1.3.0)
    uuidtools (2.1.5)
    yajl-ruby (1.3.0)

PLATFORMS
  ruby

DEPENDENCIES
  bundler (~> 1.3)
  fluent-plugin-deis-kafka!
  pry
  rake (~> 10.0)
  rubocop
  simplecov
  test-unit (~> 3.1.7)

BUNDLED WITH
   1.15.4
